##TITLE= Parameter file, TopSpin 3.7.0
##JCAMPDX= 5.0
##DATATYPE= Parameter Values
##NPOINTS= 4	$$ modification sequence number
##ORIGIN= Bruker BioSpin GmbH
##OWNER= 
$$ 2024-10-09 14:10:32.909 +0200  
$$ 
$$ process
##$ACQT0= 0
##$BF1= 400.13
##$FnILOOP= 0
##$FnMODE= 1
##$NUC1= <1H>
##$NusJSP= 0
##$NusT2= 1
##$NusTD= 0
##$O1= 1881.00000002578
##$ProjAngle= 0
##$SFO1= 400.131881
##$SW= 0.194935729202743
##$SW_h= 78
##$TD= 40
##END=
